GEM
  remote: http://rubygems.org/
  specs:
    minitest (2.0.1)
    shoulda (2.11.3)

PLATFORMS
  ruby

DEPENDENCIES
  minitest
  shoulda
